GEM
  remote: https://rubygems.org/
  specs:
    dalli (2.7.6)

PLATFORMS
  ruby

DEPENDENCIES
  dalli

BUNDLED WITH
   1.14.6
